GIT
  remote: https://github.com/pithyless/rui.git
  revision: eb67c2c4ffc4783ad04d78f6f71c62bd9e1db45b
  ref: eb67c2
  specs:
    rui (0.1.0)
      builder

GEM
  remote: http://rubygems.org/
  specs:
    builder (3.0.0)
    chunky_png (0.12.0)
    minitest (2.0.2)
    oily_png (0.3.0)
      chunky_png (~> 0.12)
    qtbindings (4.6.3.2)
    rake (0.8.7)
    rcov (0.9.9)

PLATFORMS
  ruby

DEPENDENCIES
  bundler
  chunky_png
  minitest
  oily_png
  qtbindings
  rake
  rcov
  rui!
